PATH
  remote: .
  specs:
    databasedestroyer (1.1.1)
      mysql2 (~> 0.3, >= 0.3.16)
      rack-cors (~> 0.4)
      sequel (~> 4.23)
      sinatra (~> 1.4.6)
      thin (~> 1.6.3)

GEM
  remote: https://rubygems.org/
  specs:
    daemons (1.2.3)
    eventmachine (1.0.8)
    mysql2 (0.4.1)
    rack (1.6.4)
    rack-cors (0.4.0)
    rack-protection (1.5.3)
      rack
    sequel (4.27.0)
    sinatra (1.4.6)
      rack (~> 1.4)
      rack-protection (~> 1.4)
      tilt (>= 1.3, < 3)
    thin (1.6.4)
      daemons (~> 1.0, >= 1.0.9)
      eventmachine (~> 1.0, >= 1.0.4)
      rack (~> 1.0)
    tilt (2.0.1)

PLATFORMS
  ruby

DEPENDENCIES
  bundler (~> 1.7)
  databasedestroyer!

BUNDLED WITH
   1.10.6
